GEM
  remote: https://rubygems.org/
  specs:
    addressable (2.5.1)
      public_suffix (~> 2.0, >= 2.0.2)
    colorator (1.1.0)
    ffi (1.9.18)
    forwardable-extended (2.6.0)
    jekyll (3.4.3)
      addressable (~> 2.4)
      colorator (~> 1.0)
      jekyll-sass-converter (~> 1.0)
      jekyll-watch (~> 1.1)
      kramdown (~> 1.3)
      liquid (~> 3.0)
      mercenary (~> 0.3.3)
      pathutil (~> 0.9)
      rouge (~> 1.7)
      safe_yaml (~> 1.0)
    jekyll-paginate (1.1.0)
    jekyll-redirect-from (0.11.0)
      jekyll (>= 2.0)
    jekyll-sass-converter (1.4.0)
      sass (~> 3.4)
    jekyll-watch (1.3.1)
      listen (~> 3.0)
    kramdown (1.10.0)
    liquid (3.0.6)
    listen (3.0.5)
      rb-fsevent (>= 0.9.3)
      rb-inotify (>= 0.9)
    mercenary (0.3.5)
    pathutil (0.14.0)
      forwardable-extended (~> 2.6)
    public_suffix (2.0.5)
    rb-fsevent (0.9.7)
    rb-inotify (0.9.5)
      ffi (>= 0.5.0)
    rouge (1.11.1)
    safe_yaml (1.0.4)
    sass (3.4.22)

PLATFORMS
  ruby

DEPENDENCIES
  jekyll
  jekyll-paginate
  jekyll-redirect-from
  kramdown
  rouge

RUBY VERSION
   ruby 2.4.1p111

BUNDLED WITH
   1.14.6
